GEM
  remote: http://rubygems.org/
  specs:
    RedCloth (4.2.9)
    activesupport (2.3.14)
    awesome_print (1.1.0)
    builder (3.1.4)
    coderay (1.0.8)
    columnize (0.3.6)
    cucumber (1.2.1)
      builder (>= 2.1.2)
      diff-lcs (>= 1.1.3)
      gherkin (~> 2.11.0)
      json (>= 1.4.6)
    debugger (1.2.2)
      columnize (>= 0.3.1)
      debugger-linecache (~> 1.1.1)
      debugger-ruby_core_source (~> 1.1.5)
    debugger-linecache (1.1.2)
      debugger-ruby_core_source (>= 1.1.1)
    debugger-ruby_core_source (1.1.5)
    diff-lcs (1.1.3)
    gherkin (2.11.5)
      json (>= 1.4.6)
    growl (1.0.3)
    guard (1.5.4)
      listen (>= 0.4.2)
      lumberjack (>= 1.0.2)
      pry (>= 0.9.10)
      thor (>= 0.14.6)
    guard-cucumber (1.2.2)
      cucumber (>= 1.2.0)
      guard (>= 1.1.0)
    guard-rspec (2.3.1)
      guard (>= 1.1)
      rspec (~> 2.11)
    hoe (3.3.1)
      rake (>= 0.8, < 11.0)
    json (2.3.1)
    json_pure (1.7.5)
    listen (0.6.0)
    lumberjack (1.0.2)
    method_source (0.8.1)
    newgem (1.5.3)
      RedCloth (>= 4.1.1)
      activesupport (~> 2.3.4)
      hoe (>= 2.4.0)
      rubigen (>= 1.5.3)
      syntax (>= 1.0.0)
    pry (0.9.10)
      coderay (~> 1.0.5)
      method_source (~> 0.8)
      slop (~> 3.3.1)
    rake (10.0.2)
    rb-fsevent (0.9.2)
    rspec (2.12.0)
      rspec-core (~> 2.12.0)
      rspec-expectations (~> 2.12.0)
      rspec-mocks (~> 2.12.0)
    rspec-core (2.12.1)
    rspec-expectations (2.12.0)
      diff-lcs (~> 1.1.3)
    rspec-mocks (2.12.0)
    rubigen (1.5.8)
      activesupport (>= 2.3.5, < 3.2.0)
    rubyforge (2.0.4)
      json_pure (>= 1.1.7)
    slop (3.3.3)
    syntax (1.0.0)
    thor (0.16.0)

PLATFORMS
  ruby

DEPENDENCIES
  awesome_print
  cucumber
  debugger
  growl
  guard-cucumber
  guard-rspec
  hoe
  newgem
  rb-fsevent (~> 0.9.1)
  rspec
  rubyforge
