GEM
  remote: http://rubygems.org/
  specs:
    RedCloth (4.2.7)
    activesupport (2.3.12)
    archive-tar-minitar (0.5.2)
    awesome_print (0.4.0)
    builder (3.0.0)
    columnize (0.3.4)
    cucumber (1.0.2)
      builder (>= 2.1.2)
      diff-lcs (>= 1.1.2)
      gherkin (~> 2.4.5)
      json (>= 1.4.6)
      term-ansicolor (>= 1.0.5)
    diff-lcs (1.1.2)
    gherkin (2.4.5)
      json (>= 1.4.6)
    hoe (2.10.0)
      rake (~> 0.8)
    i18n (0.6.0)
    json (1.5.3)
    json_pure (1.5.3)
    linecache19 (0.5.12)
      ruby_core_source (>= 0.1.4)
    newgem (1.5.3)
      RedCloth (>= 4.1.1)
      activesupport (~> 2.3.4)
      hoe (>= 2.4.0)
      rubigen (>= 1.5.3)
      syntax (>= 1.0.0)
    rake (0.9.2)
    rspec (2.6.0)
      rspec-core (~> 2.6.0)
      rspec-expectations (~> 2.6.0)
      rspec-mocks (~> 2.6.0)
    rspec-core (2.6.4)
    rspec-expectations (2.6.0)
      diff-lcs (~> 1.1.2)
    rspec-mocks (2.6.0)
    rubigen (1.5.6)
      activesupport (>= 2.3.5)
      i18n
    ruby-debug-base19 (0.11.25)
      columnize (>= 0.3.1)
      linecache19 (>= 0.5.11)
      ruby_core_source (>= 0.1.4)
    ruby-debug19 (0.11.6)
      columnize (>= 0.3.1)
      linecache19 (>= 0.5.11)
      ruby-debug-base19 (>= 0.11.19)
    ruby_core_source (0.1.5)
      archive-tar-minitar (>= 0.5.2)
    rubyforge (2.0.4)
      json_pure (>= 1.1.7)
    syntax (1.0.0)
    term-ansicolor (1.0.6)

PLATFORMS
  ruby

DEPENDENCIES
  awesome_print
  cucumber
  hoe
  newgem
  rspec
  ruby-debug19
  rubyforge
